GEM
  remote: http://rubygems.org/
  specs:
    RedCloth (4.2.7)
    bacon (1.1.0)
    creole (0.4.2)
    diff-lcs (1.1.2)
    evaluator (0.1.5)
    gitrb (0.2.8)
    kgio (2.5.0)
    maruku (0.6.0)
      syntax (>= 1.0.0)
    mimemagic (0.1.8)
    nokogiri (1.4.6)
    org-ruby (0.5.3)
      rubypants (>= 0.2.0)
    rack (1.3.0)
    rack-pygments (0.4)
      nokogiri
      rack
    rack-test (0.6.0)
      rack (>= 1.0)
    raindrops (0.7.0)
    rdiscount (1.6.8)
    ritex (1.0.1)
    rspec (2.6.0)
      rspec-core (~> 2.6.0)
      rspec-expectations (~> 2.6.0)
      rspec-mocks (~> 2.6.0)
    rspec-core (2.6.4)
    rspec-expectations (2.6.0)
      diff-lcs (~> 1.1.2)
    rspec-mocks (2.6.0)
    rubypants (0.2.0)
    slim (0.9.4)
      temple (~> 0.3.0)
      tilt (~> 1.2)
    syntax (1.0.0)
    temple (0.3.2)
    tilt (1.3.2)
    unicorn (4.0.0)
      kgio (~> 2.4)
      rack
      raindrops (~> 0.6)
    yajl-ruby (0.8.2)

PLATFORMS
  ruby

DEPENDENCIES
  RedCloth
  bacon
  creole
  evaluator
  gitrb
  maruku
  mimemagic
  nokogiri
  org-ruby
  rack
  rack-pygments
  rack-test
  rdiscount
  ritex
  rspec
  rubypants
  slim
  unicorn
  yajl-ruby
